GEM
  remote: http://rubygems.org/
  specs:
    addressable (2.2.8)
    capybara (1.1.2)
      mime-types (>= 1.16)
      nokogiri (>= 1.3.3)
      rack (>= 1.0.0)
      rack-test (>= 0.5.4)
      selenium-webdriver (~> 2.0)
      xpath (~> 0.1.4)
    childprocess (0.3.2)
      ffi (~> 1.0.6)
    ffi (1.0.11)
    json (1.7.3)
    libwebsocket (0.1.3)
      addressable
    mime-types (1.19)
    multi_json (1.3.6)
    nokogiri (1.5.5)
    rack (1.4.1)
    rack-test (0.6.1)
      rack (>= 1.0)
    rr (1.0.4)
    rubyzip (0.9.9)
    selenium-webdriver (2.24.0)
      childprocess (>= 0.2.5)
      libwebsocket (~> 0.1.3)
      multi_json (~> 1.0)
      rubyzip
    test-unit (2.5.0)
    test-unit-capybara (1.0.2)
      capybara (>= 1.1.2)
      json
      test-unit (>= 2.4.4)
    test-unit-notify (0.3.0)
      test-unit (>= 2.1.2)
    test-unit-rr (1.0.1)
      rr (>= 1.0.2)
      test-unit (>= 2.1.2)
    xpath (0.1.4)
      nokogiri (~> 1.3)

PLATFORMS
  ruby

DEPENDENCIES
  rack
  test-unit
  test-unit-capybara
  test-unit-notify
  test-unit-rr
